GEM
  remote: https://rubygems.org/
  specs:
    ansi (1.4.3)
    byebug (3.2.0)
      columnize (~> 0.8)
      debugger-linecache (~> 1.2)
    columnize (0.8.9)
    commander (4.2.0)
      highline (~> 1.6.11)
    debugger-linecache (1.2.0)
    highline (1.6.21)
    macaddr (1.7.1)
      systemu (~> 2.6.2)
    mini_portile (0.6.0)
    minitest (5.4.0)
    nokogiri (1.6.3.1-x64-mingw32)
      mini_portile (= 0.6.0)
    rake (10.3.2)
    rubyzip (1.1.6)
    rufus-mnemo (1.2.3)
    sqlite3 (1.3.9-x64-mingw32)
    systemu (2.6.4)
    uuid (2.3.7)
      macaddr (~> 1.0)
    win32console (1.3.2)

PLATFORMS
  x64-mingw32

DEPENDENCIES
  ansi (~> 1.4)
  byebug (~> 3.0)
  commander (~> 4.2)
  minitest (~> 5.3)
  nokogiri (~> 1.6)
  rake (~> 10.2)
  rubyzip (~> 1.1)
  rufus-mnemo (~> 1.2)
  sqlite3 (~> 1.3)
  uuid (~> 2.3)
  win32console (~> 1.3)
